GEM
  remote: https://rubygems.org/
  specs:
    backports (3.3.3)
    haml (3.1.8)
    rack (1.4.5)
    rake (10.1.0)
    rmagick (2.13.2)
    sinatra (1.2.9)
      backports
      rack (~> 1.1, < 1.5)
      tilt (>= 1.2.2, < 2.0)
    tilt (1.4.1)

PLATFORMS
  ruby

DEPENDENCIES
  haml (~> 3.1.7)
  rake
  rmagick
  sinatra (~> 1.2.3)
